GEM
  remote: https://rubygems.org/
  specs:
    accentless (1.0.0)
    armor (0.0.3)
    coderay (1.1.1)
    coffee-script (2.4.1)
      coffee-script-source
      execjs
    coffee-script-source (1.12.2)
    concurrent-ruby (1.0.3)
    execjs (2.7.0)
    google-id-token (1.3.1)
      jwt
      multi_json
    jwt (1.5.6)
    method_source (0.8.2)
    multi_json (1.12.1)
    pg (0.19.0)
    pry (0.10.4)
      coderay (~> 1.1.0)
      method_source (~> 0.8.1)
      slop (~> 3.4)
    rack (1.6.5)
    rack-protection (1.5.3)
      rack
    rake (11.3.0)
    sass (3.4.22)
    sequel (4.41.0)
    shield (2.1.1)
      armor
    sinatra (1.4.7)
      rack (~> 1.5)
      rack-protection (~> 1.4)
      tilt (>= 1.3, < 3)
    sinatra-asset-pipeline (1.0.2)
      coffee-script (~> 2.4)
      rake (~> 11.2)
      sass (~> 3.4)
      sinatra (~> 1.4)
      sprockets (~> 3.6)
      sprockets-helpers (~> 1.1)
    slop (3.6.0)
    sprockets (3.7.0)
      concurrent-ruby (~> 1.0)
      rack (> 1, < 3)
    sprockets-helpers (1.2.1)
      sprockets (>= 2.2)
    tilt (2.0.5)

PLATFORMS
  ruby

DEPENDENCIES
  accentless
  google-id-token
  jwt
  pg
  pry
  rake
  sequel
  shield
  sinatra
  sinatra-asset-pipeline (>= 1.0.2)

BUNDLED WITH
   1.13.6
